GEM
  remote: http://rubygems.org/
  specs:
    json (1.5.3)
    redis (2.2.1)

PLATFORMS
  ruby

DEPENDENCIES
  json
  redis
